PATH
  remote: .
  specs:
    paper_trail (2.0.0)
      actionpack (~> 3)
      activerecord (~> 3)

GEM
  remote: http://rubygems.org/
  specs:
    abstract (1.0.0)
    actionpack (3.0.3)
      activemodel (= 3.0.3)
      activesupport (= 3.0.3)
      builder (~> 2.1.2)
      erubis (~> 2.6.6)
      i18n (~> 0.4)
      rack (~> 1.2.1)
      rack-mount (~> 0.6.13)
      rack-test (~> 0.5.6)
      tzinfo (~> 0.3.23)
    activemodel (3.0.3)
      activesupport (= 3.0.3)
      builder (~> 2.1.2)
      i18n (~> 0.4)
    activerecord (3.0.3)
      activemodel (= 3.0.3)
      activesupport (= 3.0.3)
      arel (~> 2.0.2)
      tzinfo (~> 0.3.23)
    activesupport (3.0.3)
    arel (2.0.7)
    builder (2.1.2)
    erubis (2.6.6)
      abstract (>= 1.0.0)
    i18n (0.5.0)
    rack (1.2.1)
    rack-mount (0.6.13)
      rack (>= 1.0.0)
    rack-test (0.5.7)
      rack (>= 1.0)
    rake (0.8.7)
    shoulda (2.10.3)
    sqlite3-ruby (1.3.1)
    tzinfo (0.3.24)

PLATFORMS
  ruby

DEPENDENCIES
  actionpack (~> 3)
  activerecord (~> 3)
  activesupport (~> 3)
  bundler (~> 1.0)
  paper_trail!
  rake (= 0.8.7)
  shoulda (= 2.10.3)
  sqlite3-ruby (~> 1.2)
